GEM
  remote: https://rubygems.org/
  specs:
    coderay (1.1.2)
    method_source (0.9.0)
    pry (0.11.3)
      coderay (~> 1.1.0)
      method_source (~> 0.9.0)
    puma (3.11.0)
    rack (2.0.3)
    rack-test (1.0.0)
      rack (>= 1.0, < 3)

PLATFORMS
  ruby

DEPENDENCIES
  pry
  puma
  rack
  rack-test

BUNDLED WITH
   1.16.1
